GEM
  remote: https://rubygems.org/
  specs:
    extpp (0.0.8)
    gio2 (3.4.3)
      gobject-introspection (= 3.4.3)
    glib2 (3.4.3)
      native-package-installer (>= 1.0.3)
      pkg-config (>= 1.3.5)
    gobject-introspection (3.4.3)
      glib2 (= 3.4.3)
    native-package-installer (1.0.9)
    pkg-config (1.4.1)
    rake (13.0.1)
    red-arrow (1.0.0)
      extpp (>= 0.0.7)
      gio2 (>= 3.3.6)
      native-package-installer
      pkg-config

PLATFORMS
  ruby

DEPENDENCIES
  rake
  red-arrow

BUNDLED WITH
   2.1.4
